GEM
  remote: https://rubygems.org/
  specs:
    dry-initializer (3.0.4)

PLATFORMS
  ruby

DEPENDENCIES
  dry-initializer

BUNDLED WITH
   2.1.4
